GEM
  remote: http://rubygems.org/
  specs:
    bluecloth (2.2.0)
    daemons (1.1.8)
    eventmachine (1.0.3)
    gchartrb (0.8)
    haml (3.1.4)
    i18n (0.6.0)
    json (1.6.5)
    logger (1.2.8)
    mail (2.4.4)
      i18n (>= 0.4.0)
      mime-types (~> 1.16)
      treetop (~> 1.4.8)
    mime-types (1.19)
    multi_json (1.2.0)
    mysql2 (0.3.11)
    polyglot (0.3.3)
    pusher (0.9.2)
      multi_json (~> 1.0)
      ruby-hmac (~> 0.4.0)
      signature (~> 0.1.2)
    quick_magick (0.8.0)
    rack (1.4.1)
    rack-cache (1.2)
      rack (>= 0.4)
    rack-contrib (1.1.0)
      rack (>= 0.9.1)
    rack-offline (0.6.4)
    rack-protection (1.2.0)
      rack
    rack-test (0.6.1)
      rack (>= 1.0)
    racksh (0.9.10)
      rack (>= 1.0)
      rack-test (>= 0.5)
    rake (0.9.2.2)
    redis (2.2.2)
    redis-rack (1.4.1)
      rack (= 1.4.1)
      redis-store (~> 1.1.0)
    redis-store (1.1.0)
      redis (~> 2.2.0)
    ruby-hmac (0.4.0)
    sass (3.2.14)
    sequel (3.33.0)
    signature (0.1.2)
      ruby-hmac
    sinatra (1.3.2)
      rack (~> 1.3, >= 1.3.6)
      rack-protection (~> 1.2)
      tilt (~> 1.3, >= 1.3.3)
    sinatra-flash (0.3.0)
      sinatra (>= 1.0.0)
    thin (1.3.1)
      daemons (>= 1.0.9)
      eventmachine (>= 0.12.6)
      rack (>= 1.0.0)
    tilt (1.3.3)
    treetop (1.4.10)
      polyglot
      polyglot (>= 0.3.1)

PLATFORMS
  ruby

DEPENDENCIES
  bluecloth
  gchartrb
  haml
  json
  logger
  mail
  mysql2
  pusher
  quick_magick
  rack
  rack-cache
  rack-contrib
  rack-offline
  racksh
  rake
  redis-rack
  sass (= 3.2.14)
  sequel
  sinatra
  sinatra-flash
  thin
